GEM
  remote: https://rubygems.org/
  specs:
    activesupport (7.2.2.1)
      base64
      benchmark (>= 0.3)
      bigdecimal
      concurrent-ruby (~> 1.0, >= 1.3.1)
      connection_pool (>= 2.2.5)
      drb
      i18n (>= 1.6, < 2)
      logger (>= 1.4.2)
      minitest (>= 5.1)
      securerandom (>= 0.3)
      tzinfo (~> 2.0, >= 2.0.5)
    addressable (2.8.7)
      public_suffix (>= 2.0.2, < 7.0)
    ast (2.4.3)
    base64 (0.3.0)
    benchmark (0.4.1)
    bigdecimal (3.2.2)
    byebug (12.0.0)
    concurrent-ruby (1.3.5)
    connection_pool (2.5.3)
    crack (1.0.0)
      bigdecimal
      rexml
    cybersource_rest_client (0.0.57)
      activesupport (>= 6.0.3.2, < 8.0)
      addressable (~> 2.3, >= 2.3.0)
      interface (~> 1.0, >= 1.0.4)
      jose (~> 1.1)
      json (~> 2.1, >= 2.1.0)
      jwt (= 2.7.0)
      time (~> 0.2.2)
      typhoeus (~> 1.0, >= 1.0.1)
    date (3.4.1)
    diff-lcs (1.6.2)
    drb (2.2.3)
    dry-core (1.1.0)
      concurrent-ruby (~> 1.0)
      logger
      zeitwerk (~> 2.6)
    dry-monads (1.8.3)
      concurrent-ruby (~> 1.0)
      dry-core (~> 1.1)
      zeitwerk (~> 2.6)
    ethon (0.16.0)
      ffi (>= 1.15.0)
    faraday (2.13.1)
      faraday-net_http (>= 2.0, < 3.5)
      json
      logger
    faraday-net_http (3.4.0)
      net-http (>= 0.5.0)
    ffi (1.17.2)
    folio_client (0.15.0)
      activesupport (>= 4.2, < 8)
      dry-monads
      faraday
      marc
      zeitwerk
    hashdiff (1.2.0)
    i18n (1.14.7)
      concurrent-ruby (~> 1.0)
    immutable-ruby (0.2.0)
      concurrent-ruby (~> 1.1)
      sorted_set (~> 1.0)
    interface (1.0.5)
    jose (1.2.0)
      base64
      immutable-ruby
    json (2.12.2)
    jwt (2.7.0)
    language_server-protocol (3.17.0.5)
    lint_roller (1.1.0)
    logger (1.7.0)
    mail (2.8.1)
      mini_mime (>= 0.1.1)
      net-imap
      net-pop
      net-smtp
    marc (1.3.0)
      nokogiri (~> 1.0)
      rexml
    mini_mime (1.1.5)
    mini_portile2 (2.8.9)
    minitest (5.25.5)
    net-http (0.6.0)
      uri
    net-imap (0.5.8)
      date
      net-protocol
    net-pop (0.1.2)
      net-protocol
    net-protocol (0.2.2)
      timeout
    net-smtp (0.5.1)
      net-protocol
    nokogiri (1.18.8)
      mini_portile2 (~> 2.8.2)
      racc (~> 1.4)
    parallel (1.27.0)
    parser (3.3.8.0)
      ast (~> 2.4.1)
      racc
    prism (1.4.0)
    public_suffix (6.0.2)
    racc (1.8.1)
    rainbow (3.1.1)
    rake (13.3.0)
    rbtree (0.4.6)
    regexp_parser (2.10.0)
    rexml (3.4.1)
    rspec (3.13.1)
      rspec-core (~> 3.13.0)
      rspec-expectations (~> 3.13.0)
      rspec-mocks (~> 3.13.0)
    rspec-core (3.13.4)
      rspec-support (~> 3.13.0)
    rspec-expectations (3.13.5)
      diff-lcs (>= 1.2.0, < 2.0)
      rspec-support (~> 3.13.0)
    rspec-mocks (3.13.5)
      diff-lcs (>= 1.2.0, < 2.0)
      rspec-support (~> 3.13.0)
    rspec-support (3.13.4)
    rubocop (1.76.1)
      json (~> 2.3)
      language_server-protocol (~> 3.17.0.2)
      lint_roller (~> 1.1.0)
      parallel (~> 1.10)
      parser (>= 3.3.0.2)
      rainbow (>= 2.2.2, < 4.0)
      regexp_parser (>= 2.9.3, < 3.0)
      rubocop-ast (>= 1.45.0, < 2.0)
      ruby-progressbar (~> 1.7)
      unicode-display_width (>= 2.4.0, < 4.0)
    rubocop-ast (1.45.1)
      parser (>= 3.3.7.2)
      prism (~> 1.4)
    rubocop-performance (1.25.0)
      lint_roller (~> 1.1)
      rubocop (>= 1.75.0, < 2.0)
      rubocop-ast (>= 1.38.0, < 2.0)
    rubocop-rspec (3.6.0)
      lint_roller (~> 1.1)
      rubocop (~> 1.72, >= 1.72.1)
    ruby-progressbar (1.13.0)
    securerandom (0.4.1)
    set (1.1.2)
    sorted_set (1.0.3)
      rbtree
      set (~> 1.0)
    time (0.2.2)
      date
    timeout (0.4.3)
    typhoeus (1.4.1)
      ethon (>= 0.9.0)
    tzinfo (2.0.6)
      concurrent-ruby (~> 1.0)
    unicode-display_width (3.1.4)
      unicode-emoji (~> 4.0, >= 4.0.4)
    unicode-emoji (4.0.4)
    uri (1.0.3)
    webmock (3.25.1)
      addressable (>= 2.8.0)
      crack (>= 0.3.2)
      hashdiff (>= 0.4.0, < 2.0.0)
    zeitwerk (2.7.3)

PLATFORMS
  ruby

DEPENDENCIES
  byebug
  cybersource_rest_client (= 0.0.57)
  folio_client (~> 0.15.0)
  mail (~> 2.8)
  rake
  rspec
  rubocop
  rubocop-performance
  rubocop-rspec
  webmock

RUBY VERSION
   ruby 3.2.2p53

BUNDLED WITH
   2.4.13
